GEM
  remote: http://rubygems.org/
  specs:
    columnize (0.3.6)
    daemons (1.1.9)
    debugger (1.2.0)
      columnize (>= 0.3.1)
      debugger-linecache (~> 1.1.1)
      debugger-ruby_core_source (~> 1.1.3)
    debugger-linecache (1.1.2)
      debugger-ruby_core_source (>= 1.1.1)
    debugger-ruby_core_source (1.1.3)
    eventmachine (0.12.10)
    multi_json (1.3.6)
    rack (1.4.1)
    rack-instruments (0.1.7)
      slides (~> 0.1)
    rack-protection (1.2.0)
      rack
    rack-test (0.6.1)
      rack (>= 1.0)
    sinatra (1.3.3)
      rack (~> 1.3, >= 1.3.6)
      rack-protection (~> 1.2)
      tilt (~> 1.3, >= 1.3.3)
    slides (0.1.7)
    thin (1.4.1)
      daemons (>= 1.0.9)
      eventmachine (>= 0.12.6)
      rack (>= 1.0.0)
    tilt (1.3.3)

PLATFORMS
  ruby

DEPENDENCIES
  debugger
  multi_json
  rack-instruments
  rack-test
  sinatra
  slides
  thin
